PATH
  remote: .
  specs:
    mathtype (0.1.0)
      bindata (~> 2.1)
      nokogiri (~> 1.6)
      ruby-ole (~> 1.2)

GEM
  remote: https://rubygems.org/
  specs:
    bindata (2.4.8)
    coderay (1.1.1)
    diff-lcs (1.3)
    method_source (0.8.2)
    mini_portile2 (2.6.1)
    nokogiri (1.12.5)
      mini_portile2 (~> 2.6.1)
      racc (~> 1.4)
    pry (0.10.4)
      coderay (~> 1.1.0)
      method_source (~> 0.8.1)
      slop (~> 3.4)
    racc (1.5.2)
    rake (13.0.1)
    rspec (3.6.0)
      rspec-core (~> 3.6.0)
      rspec-expectations (~> 3.6.0)
      rspec-mocks (~> 3.6.0)
    rspec-core (3.6.0)
      rspec-support (~> 3.6.0)
    rspec-expectations (3.6.0)
      diff-lcs (>= 1.2.0, < 2.0)
      rspec-support (~> 3.6.0)
    rspec-mocks (3.6.0)
      diff-lcs (>= 1.2.0, < 2.0)
      rspec-support (~> 3.6.0)
    rspec-support (3.6.0)
    ruby-ole (1.2.12.2)
    slop (3.6.0)

PLATFORMS
  ruby

DEPENDENCIES
  bundler (> 1.7)
  mathtype!
  pry (~> 0.10)
  rake (>= 12.3.3)
  rspec (~> 3.3)

BUNDLED WITH
   1.15.4
